PATH
  remote: .
  specs:
    hexaflexa (0.1.0)
      rmagick

GEM
  remote: https://rubygems.org/
  specs:
    rake (10.4.2)
    rmagick (2.13.4)

PLATFORMS
  ruby

DEPENDENCIES
  bundler (~> 1.8)
  hexaflexa!
  rake (~> 10.0)
